PATH
  remote: .
  specs:
    polyn (0.2.2)
      json_schemer (~> 0.2)
      nats-pure (~> 2.0)
      yard (~> 0.9)

GEM
  remote: https://rubygems.org/
  specs:
    ast (2.4.2)
    diff-lcs (1.4.4)
    docile (1.4.0)
    ecma-re-validator (0.3.0)
      regexp_parser (~> 2.0)
    hana (1.3.7)
    json_schemer (0.2.18)
      ecma-re-validator (~> 0.3)
      hana (~> 1.3)
      regexp_parser (~> 2.0)
      uri_template (~> 0.7)
    nats-pure (2.1.2)
    opentelemetry-api (1.1.0)
    parallel (1.21.0)
    parser (3.0.2.0)
      ast (~> 2.4.1)
    rainbow (3.0.0)
    rake (13.0.6)
    regexp_parser (2.1.1)
    rexml (3.2.5)
    rspec (3.10.0)
      rspec-core (~> 3.10.0)
      rspec-expectations (~> 3.10.0)
      rspec-mocks (~> 3.10.0)
    rspec-core (3.10.1)
      rspec-support (~> 3.10.0)
    rspec-expectations (3.10.1)
      diff-lcs (>= 1.2.0, < 2.0)
      rspec-support (~> 3.10.0)
    rspec-mocks (3.10.2)
      diff-lcs (>= 1.2.0, < 2.0)
      rspec-support (~> 3.10.0)
    rspec-support (3.10.3)
    rubocop (1.23.0)
      parallel (~> 1.10)
      parser (>= 3.0.0.0)
      rainbow (>= 2.2.2, < 4.0)
      regexp_parser (>= 1.8, < 3.0)
      rexml
      rubocop-ast (>= 1.12.0, < 2.0)
      ruby-progressbar (~> 1.7)
      unicode-display_width (>= 1.4.0, < 3.0)
    rubocop-ast (1.13.0)
      parser (>= 3.0.1.1)
    ruby-progressbar (1.11.0)
    simplecov (0.21.2)
      docile (~> 1.1)
      simplecov-html (~> 0.11)
      simplecov_json_formatter (~> 0.1)
    simplecov-html (0.12.3)
    simplecov_json_formatter (0.1.3)
    timecop (0.9.4)
    unicode-display_width (2.1.0)
    uri_template (0.7.0)
    webrick (1.7.0)
    yard (0.9.28)
      webrick (~> 1.7.0)

PLATFORMS
  arm64-darwin-20
  ruby
  universal-darwin-8
  x86_64-linux

DEPENDENCIES
  json_schemer
  nats-pure (~> 2.0)
  opentelemetry-api (~> 1.1)
  polyn!
  rake (~> 13.0)
  rspec (~> 3.0)
  rubocop (~> 1.7)
  simplecov
  timecop

BUNDLED WITH
   2.2.33
